PATH
  remote: .
  specs:
    noaa (0.2.3)
      geokit (>= 1.5.0)
      nokogiri (>= 0.9.7)

GEM
  remote: https://rubygems.org/
  specs:
    diff-lcs (1.2.5)
    geokit (1.8.4)
      multi_json (>= 1.3.2)
    jnunemaker-matchy (0.4.0)
    mcmire-context (0.5.6)
    mini_portile (0.5.2)
    multi_json (1.8.4)
    nokogiri (1.6.1)
      mini_portile (~> 0.5.0)
    rspec (2.14.1)
      rspec-core (~> 2.14.0)
      rspec-expectations (~> 2.14.0)
      rspec-mocks (~> 2.14.0)
    rspec-core (2.14.8)
    rspec-expectations (2.14.5)
      diff-lcs (>= 1.1.3, < 2.0)
    rspec-mocks (2.14.6)

PLATFORMS
  ruby

DEPENDENCIES
  jnunemaker-matchy (>= 0.4.0)
  mcmire-context (>= 0.0.16)
  noaa!
  rspec
